GEM
  remote: https://rubygems.org/
  specs:
    csv (3.0.4)
    mini_portile2 (2.4.0)
    nokogiri (1.10.1-x64-mingw32)
      mini_portile2 (~> 2.4.0)
    open_uri_redirections (0.2.1)
    xpath (3.2.0)
      nokogiri (~> 1.8)

PLATFORMS
  x64-mingw32

DEPENDENCIES
  csv (~> 3.0, >= 3.0.4)
  nokogiri (~> 1.10, >= 1.10.1)
  open_uri_redirections (~> 0.2.1)
  xpath (~> 3.2)

BUNDLED WITH
   2.0.1
